PATH
  remote: .
  specs:
    bash-session (0.0.3)

GEM
  remote: https://rubygems.org/
  specs:
    minitest (5.10.1)
    rake (10.5.0)

PLATFORMS
  ruby

DEPENDENCIES
  bash-session!
  bundler
  minitest
  rake (~> 10.0)

BUNDLED WITH
   1.13.7
